GEM
  remote: https://rubygems.org/
  specs:
    backports (3.8.0)
    bcrypt (3.1.11)
    concurrent-ruby (1.0.5)
    i18n (0.8.6)
    logger (1.2.8)
    multi_json (1.12.2)
    mustermann (1.0.1)
    rack (2.0.3)
    rack-protection (2.0.0)
      rack
    semantic_logger (4.2.0)
      concurrent-ruby (~> 1.0)
    shotgun (0.9.2)
      rack (>= 1.0)
    sinatra (2.0.0)
      mustermann (~> 1.0)
      rack (~> 2.0)
      rack-protection (= 2.0.0)
      tilt (~> 2.0)
    sinatra-contrib (2.0.0)
      backports (>= 2.0)
      multi_json
      mustermann (~> 1.0)
      rack-protection (= 2.0.0)
      sinatra (= 2.0.0)
      tilt (>= 1.3, < 3)
    sinatra-logger (0.3.2)
      semantic_logger
      sinatra
    sinatra-session (1.0.0)
      sinatra (>= 1.0)
    tilt (2.0.8)
    xml-simple (1.1.5)

PLATFORMS
  ruby

DEPENDENCIES
  bcrypt
  i18n
  logger
  shotgun
  sinatra
  sinatra-contrib (~> 2.0)
  sinatra-logger (~> 0.3.2)
  sinatra-session (~> 1.0)
  xml-simple

BUNDLED WITH
   1.15.4
